GEM
  remote: http://rubygems.org/
  specs:
    actionmailer (2.3.8)
      actionpack (= 2.3.8)
    actionpack (2.3.8)
      activesupport (= 2.3.8)
      rack (~> 1.1.0)
    activerecord (2.3.8)
      activesupport (= 2.3.8)
    activeresource (2.3.8)
      activesupport (= 2.3.8)
    activesupport (2.3.8)
    fastercsv (1.5.3)
    hobo (1.0.1)
      hobofields (= 1.0.1)
      hobosupport (= 1.0.1)
      rails (>= 2.2.2)
      will_paginate (>= 2.3.11)
    hobofields (1.0.1)
      hobosupport (= 1.0.1)
      rails (>= 2.2.2)
    hobosupport (1.0.1)
    rack (1.1.0)
    rails (2.3.8)
      actionmailer (= 2.3.8)
      actionpack (= 2.3.8)
      activerecord (= 2.3.8)
      activeresource (= 2.3.8)
      activesupport (= 2.3.8)
      rake (>= 0.8.3)
    rake (0.8.7)
    will_paginate (2.3.15)

PLATFORMS
  ruby

DEPENDENCIES
  fastercsv (= 1.5.3)
  hobo (= 1.0.1)
  rails (= 2.3.8)
