GEM
  remote: http://rubygems.org/
  specs:
    actionmailer (2.3.11)
      actionpack (= 2.3.11)
    actionpack (2.3.11)
      activesupport (= 2.3.11)
      rack (~> 1.1.0)
    activerecord (2.3.11)
      activesupport (= 2.3.11)
    activeresource (2.3.11)
      activesupport (= 2.3.11)
    activesupport (2.3.11)
    ar-extensions (0.9.4)
      activerecord (~> 2.1)
    fastercsv (1.5.3)
    hobo (1.0.3)
      hobofields (= 1.0.3)
      hobosupport (= 1.0.3)
      rails (>= 2.2.2, < 3.0.0)
      will_paginate (>= 2.3.11, ~> 2)
    hobofields (1.0.3)
      hobosupport (= 1.0.3)
      rails (>= 2.2.2, < 3.0.0)
    hobosupport (1.0.3)
    offroad (0.0.3)
      ar-extensions (= 0.9.4)
    prawn (0.8.4)
      prawn-core (>= 0.8.4, < 0.9)
      prawn-layout (>= 0.8.4, < 0.9)
      prawn-security (>= 0.8.4, < 0.9)
    prawn-core (0.8.4)
    prawn-layout (0.8.4)
    prawn-security (0.8.4)
    prawnto (0.0.3)
      prawn
      rails (>= 2.1)
    rack (1.1.2)
    rails (2.3.11)
      actionmailer (= 2.3.11)
      actionpack (= 2.3.11)
      activerecord (= 2.3.11)
      activeresource (= 2.3.11)
      activesupport (= 2.3.11)
      rake (>= 0.8.3)
    rake (0.8.7)
    sqlite3-ruby (1.3.1)
    sqlite3-ruby (1.3.1-x86-mingw32)
    will_paginate (2.3.15)
    wirble (0.1.3)

PLATFORMS
  ruby
  x86-mingw32

DEPENDENCIES
  fastercsv (= 1.5.3)
  hobo (= 1.0.3)
  offroad (= 0.0.3)
  prawn (= 0.8.4)
  prawnto (= 0.0.3)
  rails (= 2.3.11)
  sqlite3-ruby
  wirble
