GEM
  remote: http://rubygems.org/
  specs:
    actionmailer (2.3.8)
      actionpack (= 2.3.8)
    actionpack (2.3.8)
      activesupport (= 2.3.8)
      rack (~> 1.1.0)
    activerecord (2.3.8)
      activesupport (= 2.3.8)
    activeresource (2.3.8)
      activesupport (= 2.3.8)
    activesupport (2.3.8)
    fastercsv (1.5.3)
    hobo (1.0.1)
      hobofields (= 1.0.1)
      hobosupport (= 1.0.1)
      rails (>= 2.2.2)
      will_paginate (>= 2.3.11)
    hobofields (1.0.1)
      hobosupport (= 1.0.1)
      rails (>= 2.2.2)
    hobosupport (1.0.1)
    prawn (0.8.4)
      prawn-core (>= 0.8.4, < 0.9)
      prawn-layout (>= 0.8.4, < 0.9)
      prawn-security (>= 0.8.4, < 0.9)
    prawn-core (0.8.4)
    prawn-layout (0.8.4)
    prawn-security (0.8.4)
    prawnto (0.0.3)
      prawn
      rails (>= 2.1)
    rack (1.1.0)
    rails (2.3.8)
      actionmailer (= 2.3.8)
      actionpack (= 2.3.8)
      activerecord (= 2.3.8)
      activeresource (= 2.3.8)
      activesupport (= 2.3.8)
      rake (>= 0.8.3)
    rake (0.8.7)
    sqlite3-ruby (1.3.1)
    will_paginate (2.3.15)
    wirble (0.1.3)

PLATFORMS
  ruby

DEPENDENCIES
  fastercsv (= 1.5.3)
  hobo (= 1.0.1)
  prawn (= 0.8.4)
  prawnto (= 0.0.3)
  rails (= 2.3.8)
  sqlite3-ruby
  wirble
